GEM
  remote: https://rubygems.org/
  specs:
    cgi (0.3.5)
    debug (1.9.1)
      irb (~> 1.10)
      reline (>= 0.3.8)
    erb (2.2.3)
      cgi
    io-console (0.7.2)
    irb (1.11.1)
      rdoc
      reline (>= 0.4.2)
    kiba (4.0.0)
    logger (1.5.0)
    pg (1.5.4)
    psych (5.1.2)
      stringio
    rdoc (6.6.2)
      psych (>= 4.0.0)
    reline (0.4.2)
      io-console (~> 0.5)
    ruby-progressbar (1.13.0)
    stringio (3.1.0)
    zeitwerk (2.6.8)

PLATFORMS
  x86_64-linux

DEPENDENCIES
  debug
  erb
  kiba
  logger
  pg
  ruby-progressbar
  zeitwerk

BUNDLED WITH
   2.3.26
